GIT
  remote: git://github.com/parasew/acts_as_tree.git
  revision: ed52495d1671c99e1add582628403bf8104e9077
  specs:
    acts_as_tree (1.2.3)

GEM
  remote: http://rubygems.org/
  specs:
    abstract (1.0.0)
    actionmailer (3.0.9)
      actionpack (= 3.0.9)
      mail (~> 2.2.19)
    actionpack (3.0.9)
      activemodel (= 3.0.9)
      activesupport (= 3.0.9)
      builder (~> 2.1.2)
      erubis (~> 2.6.6)
      i18n (~> 0.5.0)
      rack (~> 1.2.1)
      rack-mount (~> 0.6.14)
      rack-test (~> 0.5.7)
      tzinfo (~> 0.3.23)
    activemerchant (1.15.0)
      activesupport (>= 2.3.8)
      braintree (>= 2.0.0)
      builder (>= 2.0.0)
    activemodel (3.0.9)
      activesupport (= 3.0.9)
      builder (~> 2.1.2)
      i18n (~> 0.5.0)
    activerecord (3.0.9)
      activemodel (= 3.0.9)
      activesupport (= 3.0.9)
      arel (~> 2.0.10)
      tzinfo (~> 0.3.23)
    activeresource (3.0.9)
      activemodel (= 3.0.9)
      activesupport (= 3.0.9)
    activesupport (3.0.9)
    ansi (1.2.5)
    arel (2.0.10)
    authlogic (3.0.3)
      activerecord (>= 3.0.7)
      activerecord (>= 3.0.7)
    braintree (2.10.1)
      builder (>= 2.0.0)
    builder (2.1.2)
    bzip2-ruby (0.2.7)
    capybara (1.0.0)
      mime-types (>= 1.16)
      nokogiri (>= 1.3.3)
      rack (>= 1.0.0)
      rack-test (>= 0.5.4)
      selenium-webdriver (~> 0.2.0)
      xpath (~> 0.1.4)
    challonge-api (0.1.1)
      activeresource
    childprocess (0.1.9)
      ffi (~> 1.0.6)
    erubis (2.6.6)
      abstract (>= 1.0.0)
    factory_girl (1.3.3)
    factory_girl_rails (1.0.1)
      factory_girl (~> 1.3)
      railties (>= 3.0.0)
    fast_gettext (0.5.12)
    ffi (1.0.9)
    gettext (2.1.0)
      locale (>= 2.0.5)
    gettext_i18n_rails (0.2.20)
      fast_gettext
    i18n (0.5.0)
    icalendar (1.1.6)
    jquery-rails (1.0.11)
      railties (~> 3.0)
      thor (~> 0.14)
    json (1.5.3)
    json_pure (1.5.3)
    locale (2.0.5)
    mail (2.2.19)
      activesupport (>= 2.3.6)
      i18n (>= 0.4.0)
      mime-types (~> 1.16)
      treetop (~> 1.4.8)
    mime-types (1.16)
    money (3.7.1)
      i18n (~> 0.4)
    nokogiri (1.4.6)
    polyglot (0.3.1)
    rack (1.2.3)
    rack-mount (0.6.14)
      rack (>= 1.0.0)
    rack-test (0.5.7)
      rack (>= 1.0)
    rails (3.0.9)
      actionmailer (= 3.0.9)
      actionpack (= 3.0.9)
      activerecord (= 3.0.9)
      activeresource (= 3.0.9)
      activesupport (= 3.0.9)
      bundler (~> 1.0)
      railties (= 3.0.9)
    railties (3.0.9)
      actionpack (= 3.0.9)
      activesupport (= 3.0.9)
      rake (>= 0.8.7)
      rdoc (~> 3.4)
      thor (~> 0.14.4)
    rake (0.9.2)
    rcov (0.9.9)
    rdoc (3.6.1)
    rubyzip (0.9.4)
    selenium-webdriver (0.2.1)
      childprocess (>= 0.1.7)
      ffi (>= 1.0.7)
      json_pure
      rubyzip
    spork (0.8.5)
    sqlite3 (1.3.3)
    sqlite3-ruby (1.3.3)
      sqlite3 (>= 1.3.3)
    steam-condenser (0.14.0)
      bzip2-ruby (~> 0.2.7)
      json (~> 1.5.1)
    thor (0.14.6)
    treetop (1.4.9)
      polyglot (>= 0.3.1)
    turn (0.8.2)
      ansi (>= 1.2.2)
    tzinfo (0.3.28)
    watchr (0.7)
    xpath (0.1.4)
      nokogiri (~> 1.3)

PLATFORMS
  ruby

DEPENDENCIES
  activemerchant
  acts_as_tree!
  authlogic
  capybara
  challonge-api
  factory_girl_rails
  fast_gettext
  gettext
  gettext_i18n_rails
  icalendar
  jquery-rails
  money
  rails (= 3.0.9)
  rcov
  spork
  sqlite3-ruby
  steam-condenser
  turn
  watchr
